PATH
  remote: .
  specs:
    baran (0.1.7)

GEM
  remote: https://rubygems.org/
  specs:
    minitest (5.19.0)
    rake (13.0.6)

PLATFORMS
  arm64-darwin-22
  x86_64-linux

DEPENDENCIES
  baran!
  minitest (~> 5.19)
  rake (~> 13.0)

BUNDLED WITH
   2.4.7
